GIT
  remote: https://github.com/lewagon/middleman-deploy.git
  revision: 4f97af2034d6e7548a172d89a2a37fc263c6c987
  specs:
    middleman-deploy (2.0.0.pre.alpha)
      middleman-core (>= 3.2)
      net-sftp
      ptools

GEM
  remote: https://rubygems.org/
  specs:
    actionpack (7.0.8)
      actionview (= 7.0.8)
      activesupport (= 7.0.8)
      rack (~> 2.0, >= 2.2.4)
      rack-test (>= 0.6.3)
      rails-dom-testing (~> 2.0)
      rails-html-sanitizer (~> 1.0, >= 1.2.0)
    actionview (7.0.8)
      activesupport (= 7.0.8)
      builder (~> 3.1)
      erubi (~> 1.4)
      rails-dom-testing (~> 2.0)
      rails-html-sanitizer (~> 1.1, >= 1.2.0)
    activesupport (7.0.8)
      concurrent-ruby (~> 1.0, >= 1.0.2)
      i18n (>= 1.6, < 2)
      minitest (>= 5.1)
      tzinfo (~> 2.0)
    addressable (2.8.5)
      public_suffix (>= 2.0.2, < 6.0)
    autoprefixer-rails (9.8.6.5)
      execjs
    aws_cf_signer (0.1.3)
    backports (3.24.1)
    builder (3.2.4)
    cloudinary (1.28.0)
      aws_cf_signer
      rest-client (>= 2.0.0)
    coderay (1.1.3)
    coffee-script (2.4.1)
      coffee-script-source
      execjs
    coffee-script-source (1.12.2)
    concurrent-ruby (1.2.2)
    contracts (0.16.1)
    crass (1.0.6)
    docile (1.4.0)
    domain_name (0.6.20231109)
    dotenv (2.8.1)
    dotenv-rails (2.8.1)
      dotenv (= 2.8.1)
      railties (>= 3.2)
    em-websocket (0.5.3)
      eventmachine (>= 0.12.9)
      http_parser.rb (~> 0)
    erubi (1.12.0)
    erubis (2.7.0)
    eventmachine (1.2.7)
    execjs (2.9.1)
    fast_blank (1.0.1)
    fastimage (2.2.7)
    favicon_maker (1.3.1)
      docile (~> 1.1)
    ffi (1.16.3)
    haml (6.2.3)
      temple (>= 0.8.2)
      thor
      tilt
    hamster (3.0.0)
      concurrent-ruby (~> 1.0)
    hashie (3.6.0)
    htmlcompressor (0.2.0)
    http-accept (1.7.0)
    http-cookie (1.0.5)
      domain_name (~> 0.5)
    http_parser.rb (0.8.0)
    i18n (1.6.0)
      concurrent-ruby (~> 1.0)
    kramdown (2.4.0)
      rexml
    listen (3.8.0)
      rb-fsevent (~> 0.10, >= 0.10.3)
      rb-inotify (~> 0.9, >= 0.9.10)
    loofah (2.22.0)
      crass (~> 1.0.2)
      nokogiri (>= 1.12.0)
    memoist (0.16.2)
    method_source (1.0.0)
    middleman (4.5.1)
      coffee-script (~> 2.2)
      haml (>= 4.0.5)
      kramdown (>= 2.3.0)
      middleman-cli (= 4.5.1)
      middleman-core (= 4.5.1)
    middleman-autoprefixer (2.10.1)
      autoprefixer-rails (~> 9.1)
      middleman-core (>= 3.3.3)
    middleman-cli (4.5.1)
      thor (>= 0.17.0, < 1.3.0)
    middleman-core (4.5.1)
      activesupport (>= 6.1, < 7.1)
      addressable (~> 2.4)
      backports (~> 3.6)
      bundler (~> 2.0)
      contracts (~> 0.13, < 0.17)
      dotenv
      erubis
      execjs (~> 2.0)
      fast_blank
      fastimage (~> 2.0)
      hamster (~> 3.0)
      hashie (~> 3.4)
      i18n (~> 1.6.0)
      listen (~> 3.0)
      memoist (~> 0.14)
      padrino-helpers (~> 0.15.0)
      parallel
      rack (>= 1.4.5, < 3)
      sassc (~> 2.0)
      servolux
      tilt (~> 2.0.9)
      toml
      uglifier (~> 3.0)
      webrick
    middleman-favicon-maker (4.1.0)
      favicon_maker (~> 1.3, >= 1.3.1)
      middleman-core (~> 4.0)
    middleman-livereload (3.4.7)
      em-websocket (~> 0.5.1)
      middleman-core (>= 3.3)
      rack-livereload (~> 0.3.15)
    middleman-minify-html (3.4.1)
      htmlcompressor (~> 0.2.0)
      middleman-core (>= 3.2)
    middleman-pry (1.0.2)
      middleman (>= 3.3, < 5)
      pry (~> 0.9)
    mime-types (3.5.1)
      mime-types-data (~> 3.2015)
    mime-types-data (3.2023.1003)
    minitest (5.20.0)
    net-sftp (4.0.0)
      net-ssh (>= 5.0.0, < 8.0.0)
    net-ssh (7.2.0)
    netrc (0.11.0)
    nokogiri (1.15.5-arm64-darwin)
      racc (~> 1.4)
    padrino-helpers (0.15.3)
      i18n (>= 0.6.7, < 2)
      padrino-support (= 0.15.3)
      tilt (>= 1.4.1, < 3)
    padrino-support (0.15.3)
    parallel (1.23.0)
    parslet (2.0.0)
    pry (0.14.2)
      coderay (~> 1.1)
      method_source (~> 1.0)
    ptools (1.5.0)
    public_suffix (5.0.4)
    racc (1.7.3)
    rack (2.2.8)
    rack-livereload (0.3.17)
      rack
    rack-test (2.1.0)
      rack (>= 1.3)
    rails-dom-testing (2.2.0)
      activesupport (>= 5.0.0)
      minitest
      nokogiri (>= 1.6)
    rails-html-sanitizer (1.6.0)
      loofah (~> 2.21)
      nokogiri (~> 1.14)
    railties (7.0.8)
      actionpack (= 7.0.8)
      activesupport (= 7.0.8)
      method_source
      rake (>= 12.2)
      thor (~> 1.0)
      zeitwerk (~> 2.5)
    rake (13.1.0)
    rb-fsevent (0.11.2)
    rb-inotify (0.10.1)
      ffi (~> 1.0)
    rest-client (2.1.0)
      http-accept (>= 1.7.0, < 2.0)
      http-cookie (>= 1.0.2, < 2.0)
      mime-types (>= 1.16, < 4.0)
      netrc (~> 0.8)
    rexml (3.2.6)
    sass (3.7.4)
      sass-listen (~> 4.0.0)
    sass-listen (4.0.0)
      rb-fsevent (~> 0.9, >= 0.9.4)
      rb-inotify (~> 0.9, >= 0.9.7)
    sassc (2.4.0)
      ffi (~> 1.9)
    servolux (0.13.0)
    temple (0.10.3)
    thor (1.2.2)
    tilt (2.0.11)
    toml (0.3.0)
      parslet (>= 1.8.0, < 3.0.0)
    tzinfo (2.0.6)
      concurrent-ruby (~> 1.0)
    uglifier (3.2.0)
      execjs (>= 0.3.0, < 3)
    webrick (1.8.1)
    zeitwerk (2.6.12)

PLATFORMS
  arm64-darwin-21
  arm64-darwin-22

DEPENDENCIES
  cloudinary
  dotenv-rails (>= 2.7.2)
  middleman (~> 4.3)
  middleman-autoprefixer (~> 2.7)
  middleman-deploy!
  middleman-favicon-maker
  middleman-livereload
  middleman-minify-html
  middleman-pry
  sass

BUNDLED WITH
   2.4.8
